GEM
  remote: https://rubygems.org/
  specs:
    addressable (2.8.6)
      public_suffix (>= 2.0.2, < 6.0)
    bunny_cdn (1.2.0)
      json (~> 2.3)
      rest-client (~> 2.1)
    coderay (1.1.3)
    colorator (1.1.0)
    concurrent-ruby (1.2.3)
    domain_name (0.6.20240107)
    dotenv (3.1.0)
    em-websocket (0.5.3)
      eventmachine (>= 0.12.9)
      http_parser.rb (~> 0)
    eventmachine (1.2.7)
    ffi (1.16.3)
    forwardable-extended (2.6.0)
    google-protobuf (3.25.3)
    google-protobuf (3.25.3-aarch64-linux)
    google-protobuf (3.25.3-arm64-darwin)
    google-protobuf (3.25.3-x86-linux)
    google-protobuf (3.25.3-x86_64-darwin)
    google-protobuf (3.25.3-x86_64-linux)
    http-accept (1.7.0)
    http-cookie (1.0.5)
      domain_name (~> 0.5)
    http_parser.rb (0.8.0)
    i18n (1.14.1)
      concurrent-ruby (~> 1.0)
    jekyll (4.3.3)
      addressable (~> 2.4)
      colorator (~> 1.0)
      em-websocket (~> 0.5)
      i18n (~> 1.0)
      jekyll-sass-converter (>= 2.0, < 4.0)
      jekyll-watch (~> 2.0)
      kramdown (~> 2.3, >= 2.3.1)
      kramdown-parser-gfm (~> 1.0)
      liquid (~> 4.0)
      mercenary (>= 0.3.6, < 0.5)
      pathutil (~> 0.9)
      rouge (>= 3.0, < 5.0)
      safe_yaml (~> 1.0)
      terminal-table (>= 1.8, < 4.0)
      webrick (~> 1.7)
    jekyll-paginate-v2 (3.0.0)
      jekyll (>= 3.0, < 5.0)
    jekyll-sass-converter (3.0.0)
      sass-embedded (~> 1.54)
    jekyll-watch (2.2.1)
      listen (~> 3.0)
    json (2.7.1)
    kramdown (2.4.0)
      rexml
    kramdown-parser-gfm (1.1.0)
      kramdown (~> 2.0)
    liquid (4.0.4)
    liquid-pry (1.0.0)
      liquid
      pry
    listen (3.9.0)
      rb-fsevent (~> 0.10, >= 0.10.3)
      rb-inotify (~> 0.9, >= 0.9.10)
    mercenary (0.4.0)
    method_source (1.0.0)
    mime-types (3.5.2)
      mime-types-data (~> 3.2015)
    mime-types-data (3.2024.0206)
    mini_portile2 (2.8.5)
    netrc (0.11.0)
    nokogiri (1.16.2)
      mini_portile2 (~> 2.8.2)
      racc (~> 1.4)
    nokogiri (1.16.2-aarch64-linux)
      racc (~> 1.4)
    nokogiri (1.16.2-arm-linux)
      racc (~> 1.4)
    nokogiri (1.16.2-arm64-darwin)
      racc (~> 1.4)
    nokogiri (1.16.2-x86-linux)
      racc (~> 1.4)
    nokogiri (1.16.2-x86_64-darwin)
      racc (~> 1.4)
    nokogiri (1.16.2-x86_64-linux)
      racc (~> 1.4)
    pathutil (0.16.2)
      forwardable-extended (~> 2.6)
    pry (0.14.2)
      coderay (~> 1.1)
      method_source (~> 1.0)
    public_suffix (5.0.4)
    racc (1.7.3)
    rb-fsevent (0.11.2)
    rb-inotify (0.10.1)
      ffi (~> 1.0)
    rest-client (2.1.0)
      http-accept (>= 1.7.0, < 2.0)
      http-cookie (>= 1.0.2, < 2.0)
      mime-types (>= 1.16, < 4.0)
      netrc (~> 0.8)
    rexml (3.2.6)
    rouge (4.2.0)
    safe_yaml (1.0.5)
    sass-embedded (1.71.1-aarch64-linux-android)
      google-protobuf (~> 3.25)
    sass-embedded (1.71.1-aarch64-linux-gnu)
      google-protobuf (~> 3.25)
    sass-embedded (1.71.1-aarch64-linux-musl)
      google-protobuf (~> 3.25)
    sass-embedded (1.71.1-arm-linux-androideabi)
      google-protobuf (~> 3.25)
    sass-embedded (1.71.1-arm-linux-gnueabihf)
      google-protobuf (~> 3.25)
    sass-embedded (1.71.1-arm-linux-musleabihf)
      google-protobuf (~> 3.25)
    sass-embedded (1.71.1-arm64-darwin)
      google-protobuf (~> 3.25)
    sass-embedded (1.71.1-x86-linux-android)
      google-protobuf (~> 3.25)
    sass-embedded (1.71.1-x86-linux-gnu)
      google-protobuf (~> 3.25)
    sass-embedded (1.71.1-x86-linux-musl)
      google-protobuf (~> 3.25)
    sass-embedded (1.71.1-x86_64-darwin)
      google-protobuf (~> 3.25)
    sass-embedded (1.71.1-x86_64-linux-android)
      google-protobuf (~> 3.25)
    sass-embedded (1.71.1-x86_64-linux-gnu)
      google-protobuf (~> 3.25)
    sass-embedded (1.71.1-x86_64-linux-musl)
      google-protobuf (~> 3.25)
    terminal-table (3.0.2)
      unicode-display_width (>= 1.1.1, < 3)
    unicode-display_width (2.5.0)
    webrick (1.8.1)

PLATFORMS
  aarch64-linux
  aarch64-linux-android
  aarch64-linux-gnu
  aarch64-linux-musl
  arm-linux-androideabi
  arm-linux-gnueabihf
  arm-linux-musleabihf
  arm64-darwin
  x86-linux
  x86-linux-android
  x86-linux-gnu
  x86-linux-musl
  x86_64-darwin
  x86_64-linux
  x86_64-linux-android
  x86_64-linux-gnu
  x86_64-linux-musl

DEPENDENCIES
  bunny_cdn
  dotenv
  jekyll (~> 4.3)
  jekyll-paginate-v2
  liquid-pry
  nokogiri (~> 1.16)

RUBY VERSION
   ruby 3.2.2p53

BUNDLED WITH
   2.5.6
